GEM
  remote: https://rubygems.org/
  specs:
    cpf_cnpj (0.5.0)

PLATFORMS
  x86_64-linux

DEPENDENCIES
  cpf_cnpj (~> 0.5.0)

RUBY VERSION
   ruby 3.1.3p185

BUNDLED WITH
   2.3.26
